PATH
  remote: .
  specs:
    delayed_job_es (0.1.3)
      delayed_job
      elasticsearch
      json

GEM
  remote: https://rubygems.org/
  specs:
    activesupport (7.0.4.1)
      concurrent-ruby (~> 1.0, >= 1.0.2)
      i18n (>= 1.6, < 2)
      minitest (>= 5.1)
      tzinfo (~> 2.0)
    concurrent-ruby (1.1.10)
    delayed_job (4.1.11)
      activesupport (>= 3.0, < 8.0)
    elasticsearch (7.8.0)
      elasticsearch-api (= 7.8.0)
      elasticsearch-transport (= 7.8.0)
    elasticsearch-api (7.8.0)
      multi_json
    elasticsearch-transport (7.8.0)
      faraday (~> 1)
      multi_json
    faraday (1.0.1)
      multipart-post (>= 1.2, < 3)
    i18n (1.12.0)
      concurrent-ruby (~> 1.0)
    json (2.3.1)
    minitest (5.14.1)
    multi_json (1.15.0)
    multipart-post (2.1.1)
    rake (10.5.0)
    tzinfo (2.0.5)
      concurrent-ruby (~> 1.0)

PLATFORMS
  ruby

DEPENDENCIES
  bundler (~> 2.0)
  delayed_job_es!
  minitest (~> 5.0)
  rake (~> 10.0)

BUNDLED WITH
   2.0.2
